GEM
  remote: https://rubygems.org/
  specs:
    mini_portile (0.6.2)
    mustache (1.0.2)
    nokogiri (1.6.6.2)
      mini_portile (~> 0.6.0)
    unicode_utils (1.4.0)

PLATFORMS
  ruby

DEPENDENCIES
  mustache
  nokogiri
  unicode_utils
